GEM
  remote: http://rubygems.org/
  specs:
    fastercsv (1.5.3)

PLATFORMS
  ruby

DEPENDENCIES
  fastercsv
